GEM
  remote: http://rubygems.org/
  specs:
    parse-ruby-client (0.1.5)
      patron
    patron (0.4.18)

PLATFORMS
  ruby

DEPENDENCIES
  parse-ruby-client (~> 0.1.5)
